GEM
  remote: https://rubygems.org/
  specs:
    ffi (1.15.5)

PLATFORMS
  x86_64-darwin-21

DEPENDENCIES
  ffi (~> 1.15.5)

BUNDLED WITH
   2.3.23
